GEM
  remote: https://rubygems.org/
  specs:
    erubis (2.7.0)
    excon (0.61.0)
    heroics (0.0.24)
      erubis (~> 2.0)
      excon
      moneta
      multi_json (>= 1.9.2)
    moneta (0.8.1)
    multi_json (1.13.1)
    platform-api (2.1.0)
      heroics (~> 0.0.23)
      moneta (~> 0.8.1)
    rack (1.6.9)
    rack-protection (1.5.5)
      rack
    sinatra (1.4.8)
      rack (~> 1.5)
      rack-protection (~> 1.4)
      tilt (>= 1.3, < 3)
    tilt (2.0.8)

PLATFORMS
  ruby

DEPENDENCIES
  platform-api
  sinatra (~> 1.4)

BUNDLED WITH
   1.16.1
